PATH
  remote: .
  specs:
    text_bringer (0.1.0)
      curses

GEM
  remote: https://rubygems.org/
  specs:
    curses (1.0.2)
    power_assert (0.4.1)
    rake (10.5.0)
    test-unit (3.2.3)
      power_assert

PLATFORMS
  ruby

DEPENDENCIES
  bundler (~> 1.11)
  rake (~> 10.0)
  test-unit
  text_bringer!

BUNDLED WITH
   1.11.2
